GIT
  remote: git://github.com/jilion/configurator.git
  revision: 3a8df3f51dea0e414bc9cd86fea1f85b1a30745a
  specs:
    configurator (1.0.0)
      activesupport (>= 3.2.12)

GIT
  remote: git://github.com/jilion/turbolinks.git
  revision: f5142ba901aa4ce7f2faf4b4e2cdc6c9a2f91c49
  branch: ios_video_issue
  specs:
    turbolinks (1.0.0)
      coffee-rails

GIT
  remote: git://github.com/librato/librato-rails.git
  revision: 82a95ae54f2ed990135a7b655293107384da2796
  branch: feature/rack_first
  specs:
    librato-rails (0.8.1)
      librato-metrics (~> 1.0.2)
      rails (>= 3.0)

GIT
  remote: git://github.com/mongoid/mongoid.git
  revision: f703270f44021fb9e7411d8ed113159282e726c6
  specs:
    mongoid (4.0.0)
      activemodel (~> 4.0.0.rc1)
      moped (~> 1.4.2)
      origin (~> 1.0)
      tzinfo (~> 0.3.22)

GEM
  remote: https://rubygems.org/
  remote: https://gems.gemfury.com/8dezqz7z7HWea9vtaFwg/
  specs:
    RedCloth (4.2.9)
    actionmailer (4.0.0.rc1)
      actionpack (= 4.0.0.rc1)
      mail (~> 2.5.3)
    actionpack (4.0.0.rc1)
      activesupport (= 4.0.0.rc1)
      builder (~> 3.1.0)
      erubis (~> 2.7.0)
      rack (~> 1.5.2)
      rack-test (~> 0.6.2)
    activemodel (4.0.0.rc1)
      activesupport (= 4.0.0.rc1)
      builder (~> 3.1.0)
    activerecord (4.0.0.rc1)
      activemodel (= 4.0.0.rc1)
      activerecord-deprecated_finders (~> 1.0.2)
      activesupport (= 4.0.0.rc1)
      arel (~> 4.0.0)
    activerecord-deprecated_finders (1.0.2)
    activesupport (4.0.0.rc1)
      i18n (~> 0.6, >= 0.6.4)
      minitest (~> 4.2)
      multi_json (~> 1.3)
      thread_safe (~> 0.1)
      tzinfo (~> 0.3.37)
    addressable (2.3.4)
    aggregate (0.2.2)
    arel (4.0.0)
    asset_sync (0.5.4)
      activemodel
      fog
    atomic (1.1.8)
    builder (3.1.4)
    capybara (2.1.0)
      mime-types (>= 1.16)
      nokogiri (>= 1.3.3)
      rack (>= 1.0.0)
      rack-test (>= 0.5.4)
      xpath (~> 2.0)
    coderay (1.0.9)
    coffee-rails (4.0.0)
      coffee-script (>= 2.2.0)
      railties (>= 4.0.0.beta, < 5.0)
    coffee-script (2.2.0)
      coffee-script-source
      execjs
    coffee-script-source (1.6.2)
    dalli (2.6.2)
    database_cleaner (0.9.1)
    diff-lcs (1.2.4)
    em-websocket (0.5.0)
      eventmachine (>= 0.12.9)
      http_parser.rb (~> 0.5.3)
    erubis (2.7.0)
    eventmachine (1.0.3)
    excon (0.20.1)
    execjs (1.4.0)
      multi_json (~> 1.0)
    faraday (0.7.6)
      addressable (~> 2.2)
      multipart-post (~> 1.1)
      rack (~> 1.1)
    faraday-stack (0.1.5)
      faraday (>= 0.6, < 0.8)
    ffi (1.8.1)
    fog (1.10.1)
      builder
      excon (~> 0.20)
      formatador (~> 0.2.0)
      mime-types
      multi_json (~> 1.0)
      net-scp (~> 1.1)
      net-ssh (>= 2.1.3)
      nokogiri (~> 1.5.0)
      ruby-hmac
    formatador (0.2.4)
    google-analytics-turbolinks (0.0.1)
    guard (1.8.0)
      formatador (>= 0.2.4)
      listen (>= 1.0.0)
      lumberjack (>= 1.0.2)
      pry (>= 0.9.10)
      thor (>= 0.14.6)
    guard-livereload (1.4.0)
      em-websocket (>= 0.5.0)
      guard (>= 1.8.0)
      multi_json (~> 1.7)
    guard-pow (1.0.0)
      guard (>= 1.1)
    guard-rspec (2.6.0)
      guard (>= 1.8)
      rspec (~> 2.13)
    haml (4.0.2)
      tilt
    haml-contrib (1.0.0)
      haml (>= 3.2.0.alpha.13)
    hike (1.2.2)
    honeybadger (1.6.2)
      json
    http_parser.rb (0.5.3)
    i18n (0.6.4)
    indextank (1.0.12)
      faraday-stack
      yajl-ruby (>= 0.7.7)
    jquery-rails (2.2.1)
      railties (>= 3.0, < 5.0)
      thor (>= 0.14, < 2.0)
    json (1.7.7)
    kgio (2.8.0)
    librato-metrics (1.0.4)
      aggregate (~> 0.2.2)
      faraday (~> 0.7)
      multi_json
    listen (1.0.3)
      rb-fsevent (>= 0.9.3)
      rb-inotify (>= 0.9)
      rb-kqueue (>= 0.2)
    lograge (0.2.0)
      actionpack
      activesupport
    lumberjack (1.0.3)
    mail (2.5.3)
      i18n (>= 0.4.0)
      mime-types (~> 1.16)
      treetop (~> 1.4.8)
    method_source (0.8.1)
    mime-types (1.23)
    minitest (4.7.4)
    moped (1.4.5)
    multi_json (1.7.2)
    multipart-post (1.2.0)
    net-scp (1.1.0)
      net-ssh (>= 2.6.5)
    net-ssh (2.6.7)
    newrelic_rpm (3.6.1.88)
    nokogiri (1.5.9)
    oj (2.0.12)
    origin (1.1.0)
    polyglot (0.3.3)
    powder (0.2.0)
      thor (>= 0.11.5)
    pry (0.9.12.1)
      coderay (~> 1.0.5)
      method_source (~> 0.8)
      slop (~> 3.4)
    quiet_assets (1.0.2)
      railties (>= 3.1, < 5.0)
    rack (1.5.2)
    rack-cache (1.2)
      rack (>= 0.4)
    rack-google-analytics (0.11.0)
    rack-livereload (0.3.13)
      rack
    rack-nocache (0.1.0)
    rack-ssl-enforcer (0.2.5)
    rack-status (1.0.0)
    rack-test (0.6.2)
      rack (>= 1.0)
    rails (4.0.0.rc1)
      actionmailer (= 4.0.0.rc1)
      actionpack (= 4.0.0.rc1)
      activerecord (= 4.0.0.rc1)
      activesupport (= 4.0.0.rc1)
      bundler (>= 1.3.0, < 2.0)
      railties (= 4.0.0.rc1)
      sprockets-rails (~> 2.0.0.rc4)
    railties (4.0.0.rc1)
      actionpack (= 4.0.0.rc1)
      activesupport (= 4.0.0.rc1)
      rake (>= 0.8.7)
      thor (>= 0.18.1, < 2.0)
    raindrops (0.11.0)
    rake (10.0.4)
    rb-fsevent (0.9.3)
    rb-inotify (0.9.0)
      ffi (>= 0.5.0)
    rb-kqueue (0.2.0)
      ffi (>= 0.5.0)
    rspec (2.13.0)
      rspec-core (~> 2.13.0)
      rspec-expectations (~> 2.13.0)
      rspec-mocks (~> 2.13.0)
    rspec-core (2.13.1)
    rspec-expectations (2.13.0)
      diff-lcs (>= 1.1.3, < 2.0)
    rspec-mocks (2.13.1)
    rspec-rails (2.13.1)
      actionpack (>= 3.0)
      activesupport (>= 3.0)
      railties (>= 3.0)
      rspec-core (~> 2.13.0)
      rspec-expectations (~> 2.13.0)
      rspec-mocks (~> 2.13.0)
    ruby-hmac (0.4.0)
    sass (3.2.8)
    sass-rails (4.0.0.rc1)
      railties (>= 4.0.0.beta, < 5.0)
      sass (>= 3.1.10)
      sprockets-rails (~> 2.0.0.rc0)
      tilt (~> 1.3)
    shoulda-matchers (2.0.0)
      activesupport (>= 3.0.0)
    silent-postgres (0.1.1)
    slop (3.4.4)
    sprockets (2.9.3)
      hike (~> 1.2)
      multi_json (~> 1.0)
      rack (~> 1.0)
      tilt (~> 1.1, != 1.3.0)
    sprockets-rails (2.0.0.rc4)
      actionpack (>= 3.0)
      activesupport (>= 3.0)
      sprockets (~> 2.8)
    sublime_video_layout (2.6.6)
      coffee-rails
      haml
      jquery-rails
      rails (>= 3.2.12)
    terminal-notifier-guard (1.5.3)
    thor (0.18.1)
    thread_safe (0.1.0)
      atomic
    tilt (1.4.0)
    treetop (1.4.12)
      polyglot
      polyglot (>= 0.3.1)
    tzinfo (0.3.37)
    uglifier (2.0.1)
      execjs (>= 0.3.0)
      multi_json (~> 1.0, >= 1.0.2)
    unicorn (4.6.2)
      kgio (~> 2.6)
      rack
      raindrops (~> 0.7)
    xpath (2.0.0)
      nokogiri (~> 1.3)
    yajl-ruby (1.1.0)

PLATFORMS
  ruby

DEPENDENCIES
  RedCloth
  asset_sync
  bundler
  capybara
  coffee-rails (= 4.0.0)
  configurator!
  dalli
  database_cleaner
  google-analytics-turbolinks
  guard-livereload
  guard-pow
  guard-rspec
  haml
  haml-contrib
  honeybadger
  indextank
  librato-rails!
  lograge
  mongoid!
  newrelic_rpm
  oj
  powder
  quiet_assets
  rack-cache
  rack-google-analytics
  rack-livereload
  rack-nocache
  rack-ssl-enforcer
  rack-status
  rails (= 4.0.0.rc1)
  rspec-rails
  sass-rails (= 4.0.0.rc1)
  shoulda-matchers
  silent-postgres
  sublime_video_layout (~> 2.0)
  terminal-notifier-guard
  turbolinks!
  uglifier
  unicorn
